PATH
  remote: .
  specs:
    scheduler_daemon (1.1.5)
      activesupport
      chronic (>= 0.2.0)
      daemons (>= 1.0.10)
      eventmachine (>= 0.12.8)
      rufus-scheduler (~> 2.0.24)

GEM
  remote: http://rubygems.org/
  specs:
    activesupport (6.0.0)
      concurrent-ruby (~> 1.0, >= 1.0.2)
      i18n (>= 0.7, < 2)
      minitest (~> 5.1)
      tzinfo (~> 1.1)
      zeitwerk (~> 2.1, >= 2.1.8)
    chronic (0.10.2)
    concurrent-ruby (1.1.5)
    daemons (1.3.1)
    diff-lcs (1.2.5)
    eventmachine (1.2.7)
    i18n (1.7.0)
      concurrent-ruby (~> 1.0)
    minitest (5.12.2)
    rspec (2.13.0)
      rspec-core (~> 2.13.0)
      rspec-expectations (~> 2.13.0)
      rspec-mocks (~> 2.13.0)
    rspec-core (2.13.1)
    rspec-expectations (2.13.0)
      diff-lcs (>= 1.1.3, < 2.0)
    rspec-mocks (2.13.1)
    rufus-scheduler (2.0.24)
      tzinfo (>= 0.3.22)
    thread_safe (0.3.6)
    tzinfo (1.2.5)
      thread_safe (~> 0.1)
    zeitwerk (2.2.0)

PLATFORMS
  ruby

DEPENDENCIES
  rspec (~> 2.13.0)
  scheduler_daemon!
